GEM
  remote: https://rubygems.org/
  specs:
    RDee (0.3)
      net-http-persistent
      watir-webdriver (>= 0.6.10)
    actionpack (4.2.5)
      actionview (= 4.2.5)
      activesupport (= 4.2.5)
      rack (~> 1.6)
      rack-test (~> 0.6.2)
      rails-dom-testing (~> 1.0, >= 1.0.5)
      rails-html-sanitizer (~> 1.0, >= 1.0.2)
    actionview (4.2.5)
      activesupport (= 4.2.5)
      builder (~> 3.1)
      erubis (~> 2.7.0)
      rails-dom-testing (~> 1.0, >= 1.0.5)
      rails-html-sanitizer (~> 1.0, >= 1.0.2)
    activesupport (4.2.5)
      i18n (~> 0.7)
      json (~> 1.7, >= 1.7.7)
      minitest (~> 5.1)
      thread_safe (~> 0.3, >= 0.3.4)
      tzinfo (~> 1.1)
    builder (3.2.2)
    childprocess (0.5.8)
      ffi (~> 1.0, >= 1.0.11)
    cucumber (1.3.20)
      builder (>= 2.1.2)
      diff-lcs (>= 1.1.3)
      gherkin (~> 2.12)
      multi_json (>= 1.7.5, < 2.0)
      multi_test (>= 0.1.2)
    data_magic (0.22)
      faker (>= 1.1.2)
      yml_reader (>= 0.6)
    diff-lcs (1.2.5)
    erubis (2.7.0)
    faker (1.6.1)
      i18n (~> 0.5)
    ffi (1.9.10)
    fig_newton (0.12)
      yml_reader (>= 0.5)
    gherkin (2.12.2)
      multi_json (~> 1.3)
    i18n (0.7.0)
    json (1.8.3)
    loofah (2.0.3)
      nokogiri (>= 1.5.9)
    mini_portile2 (2.0.0)
    minitest (5.8.3)
    multi_json (1.11.2)
    multi_test (0.1.2)
    net-http-persistent (2.9.4)
    nokogiri (1.6.7.1)
      mini_portile2 (~> 2.0.0.rc2)
    page-object (1.1.0)
      page_navigation (>= 0.9)
      selenium-webdriver (>= 2.44.0)
      watir-webdriver (>= 0.6.11)
    page_navigation (0.9)
      data_magic (>= 0.14)
    pretty_face (0.10.3)
      actionpack (>= 3.2.13)
      cucumber
      syntax
    rack (1.6.4)
    rack-test (0.6.3)
      rack (>= 1.0)
    rails-deprecated_sanitizer (1.0.3)
      activesupport (>= 4.2.0.alpha)
    rails-dom-testing (1.0.7)
      activesupport (>= 4.2.0.beta, < 5.0)
      nokogiri (~> 1.6.0)
      rails-deprecated_sanitizer (>= 1.0.1)
    rails-html-sanitizer (1.0.2)
      loofah (~> 2.0)
    require_all (1.3.3)
    rouge (1.10.1)
    rspec (3.4.0)
      rspec-core (~> 3.4.0)
      rspec-expectations (~> 3.4.0)
      rspec-mocks (~> 3.4.0)
    rspec-core (3.4.1)
      rspec-support (~> 3.4.0)
    rspec-expectations (3.4.0)
      diff-lcs (>= 1.2.0, < 2.0)
      rspec-support (~> 3.4.0)
    rspec-legacy_formatters (1.0.1)
      rspec (~> 3.0)
    rspec-mocks (3.4.0)
      diff-lcs (>= 1.2.0, < 2.0)
      rspec-support (~> 3.4.0)
    rspec-support (3.4.1)
    rubyzip (1.1.7)
    selenium-webdriver (2.48.1)
      childprocess (~> 0.5)
      multi_json (~> 1.0)
      rubyzip (~> 1.0)
      websocket (~> 1.0)
    syntax (1.2.0)
    thread_safe (0.3.5)
    tzinfo (1.2.2)
      thread_safe (~> 0.1)
    watir-webdriver (0.9.1)
      selenium-webdriver (>= 2.46.2)
    websocket (1.2.2)
    yml_reader (0.6)

PLATFORMS
  ruby

DEPENDENCIES
  RDee
  cucumber (= 1.3.20)
  data_magic
  faker
  fig_newton
  page-object
  pretty_face
  require_all
  rouge
  rspec
  rspec-legacy_formatters

BUNDLED WITH
   1.11.2
